GEM
  remote: https://rubygems.org/
  specs:
    aggregate (0.2.2)
    faraday (0.9.0)
      multipart-post (>= 1.2, < 3)
    librato-metrics (1.4.0)
      aggregate (~> 0.2.2)
      faraday (~> 0.7)
      multi_json
    multi_json (1.10.1)
    multipart-post (2.0.0)
    thor (0.19.1)

PLATFORMS
  ruby

DEPENDENCIES
  librato-metrics
  thor
